GEM
  remote: https://rubygems.org/
  specs:
    activesupport (7.0.4)
      concurrent-ruby (~> 1.0, >= 1.0.2)
      i18n (>= 1.6, < 2)
      minitest (>= 5.1)
      tzinfo (~> 2.0)
    addressable (2.7.0)
      public_suffix (>= 2.0.2, < 5.0)
    builder (3.2.4)
    concurrent-ruby (1.1.6)
    crass (1.0.6)
    faraday (1.0.0)
      multipart-post (>= 1.2, < 3)
    geo_combine (0.6.0)
      activesupport
      json-schema
      net-http-persistent (~> 2.0)
      nokogiri
      rsolr
      sanitize
      thor
    highline (2.0.3)
    i18n (1.12.0)
      concurrent-ruby (~> 1.0)
    json-schema (2.8.1)
      addressable (>= 2.4)
    mini_portile2 (2.8.0)
    minitest (5.16.3)
    multipart-post (2.1.1)
    net-http-persistent (2.9.4)
    nokogiri (1.13.9)
      mini_portile2 (~> 2.8.0)
      racc (~> 1.4)
    options (2.3.2)
    progress_bar (1.3.1)
      highline (>= 1.6, < 3)
      options (~> 2.3.0)
    public_suffix (4.0.3)
    racc (1.6.0)
    rainbow (3.1.1)
    rake (13.0.6)
    rsolr (2.5.0)
      builder (>= 2.1.2)
      faraday (>= 0.9, < 3, != 2.0.0)
    sanitize (6.0.0)
      crass (~> 1.0.2)
      nokogiri (>= 1.12.0)
    thor (1.2.1)
    tzinfo (2.0.5)
      concurrent-ruby (~> 1.0)

PLATFORMS
  ruby

DEPENDENCIES
  geo_combine
  progress_bar
  rainbow
  rake

BUNDLED WITH
   2.1.4
